PATH
  remote: .
  specs:
    pharrell (0.5.2)

GEM
  remote: https://rubygems.org/
  specs:
    rake (10.1.0)

PLATFORMS
  ruby

DEPENDENCIES
  pharrell!
  rake
