PATH
  remote: .
  specs:
    pharrell (0.4.3)

GEM
  remote: https://rubygems.org/
  specs:
    rake (10.0.3)

PLATFORMS
  ruby

DEPENDENCIES
  pharrell!
  rake
